GEM
  remote: http://rubygems.org/
  specs:
    blankslate (2.1.2.4)
    bond (0.4.2-java)
    clj (0.0.5.6)
    haml (3.1.6)
    jmx (0.9)
    json (1.5.1-java)
    multi_json (1.0.4)
    rack (1.4.1)
    rack-accept (0.4.5)
      rack (>= 0.4)
    rake (0.9.2.2)
    ripl (0.5.1)
      bond (~> 0.4.0)
    ripl-multi_line (0.3.0)
      ripl (>= 0.3.6)
    sass (3.1.20)
    sinatra (1.2.6)
      rack (~> 1.1)
      tilt (>= 1.2.2, < 2.0)
    thor (0.15.4)
    tilt (1.3.3)
    tobias-rack-webconsole (0.1.4)
      multi_json (~> 1.0.3)
      rack
      ripl (~> 0.5.1)
      ripl-multi_line (~> 0.3.0)
    tobias-sinatra-url-for (0.2.1)
      sinatra (>= 0.9.1.1)
    torquebox (2.0.3)
      thor (>= 0.9.0, < 1.0.0)
      torquebox-cache (= 2.0.3)
      torquebox-configure (= 2.0.3)
      torquebox-core (= 2.0.3)
      torquebox-messaging (= 2.0.3)
      torquebox-naming (= 2.0.3)
      torquebox-rake-support (= 2.0.3)
      torquebox-security (= 2.0.3)
      torquebox-stomp (= 2.0.3)
      torquebox-transactions (= 2.0.3)
      torquebox-web (= 2.0.3)
    torquebox-cache (2.0.3-java)
      torquebox-core (= 2.0.3)
      torquebox-transactions (= 2.0.3)
    torquebox-configure (2.0.3-java)
      blankslate (= 2.1.2.4)
    torquebox-core (2.0.3-java)
    torquebox-messaging (2.0.3-java)
      clj (= 0.0.5.6)
      torquebox-core (= 2.0.3)
      torquebox-transactions (= 2.0.3)
    torquebox-naming (2.0.3-java)
    torquebox-rake-support (2.0.3)
      rake (>= 0.8.7, < 1.0.0)
    torquebox-security (2.0.3-java)
      torquebox-core (= 2.0.3)
    torquebox-stomp (2.0.3)
      torquebox-core (= 2.0.3)
      torquebox-messaging (= 2.0.3)
    torquebox-transactions (2.0.3)
      torquebox-core (= 2.0.3)
    torquebox-web (2.0.3-java)
    torquebox-webconsole (0.1.0)
      tobias-rack-webconsole (= 0.1.4)

PLATFORMS
  java

DEPENDENCIES
  haml (~> 3.0)
  jmx (= 0.9)
  json (= 1.5.1)
  rack-accept (~> 0.4.0)
  sass (~> 3.0)
  sinatra (= 1.2.6)
  tobias-sinatra-url-for (= 0.2.1)
  torquebox (~> 2.0.0)
  torquebox-webconsole (= 0.1.0)
